PATH
  remote: .
  specs:
    crds-styles (4.0.11)
      bootstrap-sass (~> 3.3)
      sass (~> 3.2)

GEM
  remote: https://rubygems.org/
  specs:
    autoprefixer-rails (10.3.1.0)
      execjs (~> 2)
    bootstrap-sass (3.4.1)
      autoprefixer-rails (>= 5.2.1)
      sassc (>= 2.0.0)
    execjs (2.8.1)
    ffi (1.15.3)
    rb-fsevent (0.11.0)
    rb-inotify (0.10.1)
      ffi (~> 1.0)
    sass (3.7.4)
      sass-listen (~> 4.0.0)
    sass-listen (4.0.0)
      rb-fsevent (~> 0.9, >= 0.9.4)
      rb-inotify (~> 0.9, >= 0.9.7)
    sassc (2.4.0)
      ffi (~> 1.9)

PLATFORMS
  ruby

DEPENDENCIES
  crds-styles!

BUNDLED WITH
   2.1.4
